GIT
  remote: https://github.com/BBC-News/alephant-preview
  revision: 5e5121dee0f4cbb3f5d220f196dffa7d6bcb6451
  branch: allow-port-modification
  specs:
    alephant-preview (0.3.3)
      alephant-publisher-request
      alephant-renderer
      alephant-support
      faraday
      sinatra
      sinatra-reloader
      trollop

GEM
  remote: https://rubygems.org/
  specs:
    alephant-cache (1.1.1)
      alephant-logger
      aws-sdk (~> 1.0)
    alephant-harness (0.2.0)
      aws-sdk
    alephant-logger (1.1.1)
    alephant-lookup (0.4.1)
      alephant-logger
      alephant-support
      aws-sdk (~> 1.0)
      crimp
    alephant-publisher-queue (1.2.2)
      alephant-cache
      alephant-logger
      alephant-lookup
      alephant-renderer
      alephant-sequencer
      alephant-support
      aws-sdk (~> 1.0)
      crimp
      rake
    alephant-publisher-request (0.2.4)
      alephant-logger
      alephant-renderer
      aws-sdk (~> 1.0)
      faraday
      rack
      rake
    alephant-renderer (1.0.2)
      alephant-logger
      hashie
      i18n
      mustache (< 1)
    alephant-sequencer (1.1.0)
      alephant-logger
      alephant-support
      aws-sdk (~> 1.0)
      jsonpath
    alephant-support (0.0.6)
      jsonpath
    archive-tar-minitar (0.5.2)
    aws-sdk (1.61.0)
      aws-sdk-v1 (= 1.61.0)
    aws-sdk-v1 (1.61.0)
      json (~> 1.4)
      nokogiri (>= 1.4.4)
    backports (3.6.4)
    bbc-cosmos-config (0.3.3)
      aws-sdk (~> 1.0)
      hashie
    celluloid (0.16.0)
      timers (~> 4.0.0)
    coderay (1.1.0)
    crimp (0.0.1)
    daemons (1.1.9)
    diff-lcs (1.2.5)
    dim (1.2.7)
    docker-api (1.17.0)
      archive-tar-minitar
      excon (>= 0.38.0)
      json
    dotenv (1.0.2)
    em-synchrony (1.0.4)
      eventmachine (>= 1.0.0.beta.1)
    eventmachine (1.0.6)
    eventmachine (1.0.6-java)
    excon (0.44.1)
    faraday (0.9.1)
      multipart-post (>= 1.2, < 3)
    ffi (1.9.6)
    ffi (1.9.6-java)
    formatador (0.2.5)
    guard (2.11.1)
      formatador (>= 0.2.4)
      listen (~> 2.7)
      lumberjack (~> 1.0)
      nenv (~> 0.1)
      notiffany (~> 0.0)
      pry (>= 0.9.12)
      shellany (~> 0.0)
      thor (>= 0.18.1)
    guard-compat (1.2.1)
    guard-rspec (4.5.0)
      guard (~> 2.1)
      guard-compat (~> 1.1)
      rspec (>= 2.99.0, < 4.0)
    hashie (3.4.0)
    hitimes (1.2.2)
    hitimes (1.2.2-java)
    htmlentities (4.3.3)
    i18n (0.7.0)
    json (1.8.2)
    json (1.8.2-java)
    jsonpath (0.5.6)
      multi_json
    listen (2.8.5)
      celluloid (>= 0.15.2)
      rb-fsevent (>= 0.9.3)
      rb-inotify (>= 0.9)
    lumberjack (1.0.9)
    method_source (0.8.2)
    mini_portile (0.6.2)
    multi_json (1.10.1)
    multipart-post (2.0.0)
    mustache (0.99.8)
    nenv (0.2.0)
    nokogiri (1.6.6.2)
      mini_portile (~> 0.6.0)
    nokogiri (1.6.6.2-java)
    notiffany (0.0.4)
      nenv (~> 0.1)
      shellany (~> 0.0)
    peach (0.5.1)
    pry (0.10.1)
      coderay (~> 1.1.0)
      method_source (~> 0.8.1)
      slop (~> 3.4)
    pry (0.10.1-java)
      coderay (~> 1.1.0)
      method_source (~> 0.8.1)
      slop (~> 3.4)
      spoon (~> 0.0)
    pry-nav (0.2.4)
      pry (>= 0.9.10, < 0.11.0)
    pry-remote (0.1.8)
      pry (~> 0.9)
      slop (~> 3.0)
    rack (1.6.0)
    rack-protection (1.5.3)
      rack
    rack-test (0.6.3)
      rack (>= 1.0)
    rake (10.4.2)
    rb-fsevent (0.9.4)
    rb-inotify (0.9.5)
      ffi (>= 0.5.0)
    rspec (3.2.0)
      rspec-core (~> 3.2.0)
      rspec-expectations (~> 3.2.0)
      rspec-mocks (~> 3.2.0)
    rspec-core (3.2.0)
      rspec-support (~> 3.2.0)
    rspec-expectations (3.2.0)
      diff-lcs (>= 1.2.0, < 2.0)
      rspec-support (~> 3.2.0)
    rspec-mocks (3.2.0)
      diff-lcs (>= 1.2.0, < 2.0)
      rspec-support (~> 3.2.0)
    rspec-nc (0.2.0)
      rspec (>= 2.9)
      terminal-notifier (>= 1.4)
    rspec-support (3.2.1)
    shellany (0.0.1)
    sinatra (1.4.5)
      rack (~> 1.4)
      rack-protection (~> 1.4)
      tilt (~> 1.3, >= 1.3.4)
    sinatra-contrib (1.4.2)
      backports (>= 2.0)
      multi_json
      rack-protection
      rack-test
      sinatra (~> 1.4.0)
      tilt (~> 1.3)
    sinatra-reloader (1.0)
      sinatra-contrib
    slop (3.6.0)
    spoon (0.0.4)
      ffi
    spurious (0.4.3)
      eventmachine
      spurious-server
      thor
      timeout (= 0.0.0)
    spurious-ruby-awssdk-helper (0.2.3)
      aws-sdk
    spurious-server (0.5.2)
      daemons
      docker-api
      em-synchrony
      eventmachine
      peach
    terminal-notifier (1.6.2)
    thor (0.19.1)
    tilt (1.4.1)
    timeout (0.0.0)
    timers (4.0.1)
      hitimes
    trollop (2.1.1)

PLATFORMS
  java
  ruby

DEPENDENCIES
  alephant-harness
  alephant-logger
  alephant-preview!
  alephant-publisher-queue
  aws-sdk
  bbc-cosmos-config
  dim
  dotenv
  guard
  guard-rspec
  htmlentities
  pry
  pry-nav
  pry-remote
  rack-test
  rake
  rspec
  rspec-nc
  spoon
  spurious
  spurious-ruby-awssdk-helper