GIT
  remote: https://github.com/BBC-News/alephant-preview
  revision: 5df1bc70ff7809a47c8f04a7fba81381a635a674
  branch: allow-port-modification
  specs:
    alephant-preview (0.3.7)
      alephant-publisher-request
      alephant-renderer
      alephant-support
      faraday
      sinatra
      sinatra-reloader
      trollop

GEM
  remote: https://rubygems.org/
  specs:
    addressable (2.3.8)
    alephant-cache (2.0.1)
      alephant-logger
      aws-sdk (~> 1.0)
    alephant-harness (0.2.2)
      aws-sdk (~> 1.0)
    alephant-logger (3.1.2)
      alephant-logger-json (~> 0.3)
    alephant-logger-cloudwatch (2.0.2)
    alephant-logger-json (0.3.1)
    alephant-lookup (2.0.2)
      alephant-logger
      alephant-support
      aws-sdk (~> 1.0)
      crimp
      dalli-elasticache
    alephant-publisher-queue (2.4.0)
      alephant-cache
      alephant-logger (~> 3.1)
      alephant-lookup (~> 2)
      alephant-renderer
      alephant-sequencer (~> 3)
      alephant-support
      aws-sdk (~> 1.0)
      crimp
      dalli-elasticache
      faraday
      rake
    alephant-publisher-request (0.2.6)
      alephant-logger
      alephant-renderer
      aws-sdk (~> 1.0)
      faraday
      rack
      rake
    alephant-renderer (3.0.0)
      alephant-logger
      hashie
      i18n
      listen (~> 3.0.0)
      mustache (~> 0.99.5)
    alephant-sequencer (3.0.1)
      alephant-logger
      alephant-support
      aws-sdk (~> 1.0)
      dalli-elasticache
      jsonpath
    alephant-support (0.0.7)
      jsonpath
    ast (2.3.0)
    aws-sdk (1.66.0)
      aws-sdk-v1 (= 1.66.0)
    aws-sdk-v1 (1.66.0)
      json (~> 1.4)
      nokogiri (>= 1.4.4)
    backports (3.6.8)
    bbc-cosmos-config (0.3.6)
      aws-sdk (~> 1.0)
      hashie
    bbc-cosmos-tools (0.5.2)
      aws-sdk (~> 1)
      cfndsl
      faraday
      thor
    cfndsl (0.11.0)
    coderay (1.1.1)
    crimp (0.1.1)
    dalli (2.7.6)
    dalli-elasticache (0.2.0)
      dalli (>= 1.0.0)
    diff-lcs (1.2.5)
    dim (1.2.7)
    docker-api (1.31.0)
      excon (>= 0.38.0)
      json
    dotenv (2.1.1)
    em-synchrony (1.0.5)
      eventmachine (>= 1.0.0.beta.1)
    eventmachine (1.2.0.1)
    eventmachine (1.2.0.1-java)
    excon (0.52.0)
    faraday (0.9.2)
      multipart-post (>= 1.2, < 3)
    ffi (1.9.14)
    ffi (1.9.14-java)
    formatador (0.2.5)
    guard (2.14.0)
      formatador (>= 0.2.4)
      listen (>= 2.7, < 4.0)
      lumberjack (~> 1.0)
      nenv (~> 0.1)
      notiffany (~> 0.0)
      pry (>= 0.9.12)
      shellany (~> 0.0)
      thor (>= 0.18.1)
    guard-compat (1.2.1)
    guard-rspec (4.7.3)
      guard (~> 2.1)
      guard-compat (~> 1.1)
      rspec (>= 2.99.0, < 4.0)
    hashie (3.4.4)
    htmlentities (4.3.4)
    i18n (0.7.0)
    json (1.8.3)
    json (1.8.3-java)
    json-schema (2.6.2)
      addressable (~> 2.3.8)
    jsonpath (0.5.8)
      multi_json
    listen (3.0.8)
      rb-fsevent (~> 0.9, >= 0.9.4)
      rb-inotify (~> 0.9, >= 0.9.7)
    lumberjack (1.0.10)
    method_source (0.8.2)
    mini_portile2 (2.1.0)
    multi_json (1.12.1)
    multipart-post (2.0.0)
    mustache (0.99.8)
    nenv (0.3.0)
    nokogiri (1.6.8)
      mini_portile2 (~> 2.1.0)
      pkg-config (~> 1.1.7)
    nokogiri (1.6.8-java)
    notiffany (0.1.1)
      nenv (~> 0.1)
      shellany (~> 0.0)
    parser (2.3.1.2)
      ast (~> 2.2)
    peach (0.5.1)
    pkg-config (1.1.7)
    powerpack (0.1.1)
    pry (0.10.4)
      coderay (~> 1.1.0)
      method_source (~> 0.8.1)
      slop (~> 3.4)
    pry (0.10.4-java)
      coderay (~> 1.1.0)
      method_source (~> 0.8.1)
      slop (~> 3.4)
      spoon (~> 0.0)
    pry-nav (0.2.4)
      pry (>= 0.9.10, < 0.11.0)
    pry-remote (0.1.8)
      pry (~> 0.9)
      slop (~> 3.0)
    rack (1.6.4)
    rack-protection (1.5.3)
      rack
    rack-test (0.6.3)
      rack (>= 1.0)
    rainbow (2.1.0)
    rake (11.2.2)
    rb-fsevent (0.9.7)
    rb-inotify (0.9.7)
      ffi (>= 0.5.0)
    rspec (3.5.0)
      rspec-core (~> 3.5.0)
      rspec-expectations (~> 3.5.0)
      rspec-mocks (~> 3.5.0)
    rspec-core (3.5.2)
      rspec-support (~> 3.5.0)
    rspec-expectations (3.5.0)
      diff-lcs (>= 1.2.0, < 2.0)
      rspec-support (~> 3.5.0)
    rspec-mocks (3.5.0)
      diff-lcs (>= 1.2.0, < 2.0)
      rspec-support (~> 3.5.0)
    rspec-nc (0.3.0)
      rspec (>= 3)
      terminal-notifier (>= 1.4)
    rspec-support (3.5.0)
    rubocop (0.41.2)
      parser (>= 2.3.1.1, < 3.0)
      powerpack (~> 0.1)
      rainbow (>= 1.99.1, < 3.0)
      ruby-progressbar (~> 1.7)
      unicode-display_width (~> 1.0, >= 1.0.1)
    ruby-progressbar (1.8.1)
    shellany (0.0.1)
    sinatra (1.4.7)
      rack (~> 1.5)
      rack-protection (~> 1.4)
      tilt (>= 1.3, < 3)
    sinatra-contrib (1.4.7)
      backports (>= 2.0)
      multi_json
      rack-protection
      rack-test
      sinatra (~> 1.4.0)
      tilt (>= 1.3, < 3)
    sinatra-reloader (1.0)
      sinatra-contrib
    slop (3.6.0)
    spoon (0.0.4)
      ffi
    spurious (0.4.3)
      eventmachine
      spurious-server
      thor
      timeout (= 0.0.0)
    spurious-ruby-awssdk-helper (0.2.4)
      aws-sdk (~> 1)
    spurious-server (0.6.3)
      docker-api
      em-synchrony
      eventmachine
      peach
      spoon
      thor
    terminal-notifier (1.6.3)
    thor (0.19.1)
    tilt (2.0.5)
    timeout (0.0.0)
    trollop (2.1.2)
    unicode-display_width (1.1.0)
    yamllint (0.0.8)
      trollop (~> 2)

PLATFORMS
  java
  ruby

DEPENDENCIES
  alephant-harness
  alephant-logger
  alephant-logger-cloudwatch
  alephant-preview!
  alephant-publisher-queue
  alephant-renderer (>= 3.0.0)
  aws-sdk
  bbc-cosmos-config
  bbc-cosmos-tools
  dim
  dotenv
  faraday
  guard
  guard-rspec
  htmlentities
  json
  json-schema
  listen (<= 3.0.8)
  nokogiri
  pry
  pry-nav
  pry-remote
  rack-test
  rake
  rspec
  rspec-nc
  rubocop (< 0.42.0)
  spoon
  spurious
  spurious-ruby-awssdk-helper
  yamllint

BUNDLED WITH
   1.12.5
