GIT
  remote: https://github.com/BBC-News/alephant-preview
  revision: 5df1bc70ff7809a47c8f04a7fba81381a635a674
  branch: allow-port-modification
  specs:
    alephant-preview (0.3.7)
      alephant-publisher-request
      alephant-renderer
      alephant-support
      faraday
      sinatra
      sinatra-reloader
      trollop

GEM
  remote: https://rubygems.org/
  specs:
    addressable (2.3.8)
    alephant-cache (2.0.0)
      alephant-logger
      aws-sdk (~> 1.0)
    alephant-harness (0.2.1)
      aws-sdk
    alephant-logger (1.2.0)
    alephant-lookup (1.0.0)
      alephant-logger
      alephant-support
      aws-sdk (~> 1.0)
      crimp
    alephant-publisher-queue (1.4.1)
      alephant-cache
      alephant-logger (= 1.2.0)
      alephant-lookup
      alephant-renderer
      alephant-sequencer
      alephant-support
      aws-sdk (~> 1.0)
      crimp
      rake
    alephant-publisher-request (0.2.6)
      alephant-logger
      alephant-renderer
      aws-sdk (~> 1.0)
      faraday
      rack
      rake
    alephant-renderer (2.0.3)
      alephant-logger
      hashie
      i18n
      mustache (~> 0.99.5)
    alephant-sequencer (2.0.0)
      alephant-logger
      alephant-support
      aws-sdk (~> 1.0)
      jsonpath
    alephant-support (0.0.7)
      jsonpath
    aws-sdk (1.66.0)
      aws-sdk-v1 (= 1.66.0)
    aws-sdk-core (2.2.7)
      jmespath (~> 1.0)
    aws-sdk-resources (2.2.7)
      aws-sdk-core (= 2.2.7)
    aws-sdk-v1 (1.66.0)
      json (~> 1.4)
      nokogiri (>= 1.4.4)
    backports (3.6.7)
    bbc-cosmos-config (0.3.6)
      aws-sdk (~> 1.0)
      hashie
    coderay (1.1.0)
    crimp (0.1.1)
    diff-lcs (1.2.5)
    dim (1.2.7)
    docker-api (1.24.1)
      excon (>= 0.38.0)
      json
    dotenv (2.0.2)
    em-synchrony (1.0.4)
      eventmachine (>= 1.0.0.beta.1)
    eventmachine (1.0.8)
    eventmachine (1.0.8-java)
    excon (0.45.4)
    faraday (0.9.2)
      multipart-post (>= 1.2, < 3)
    ffi (1.9.10)
    ffi (1.9.10-java)
    formatador (0.2.5)
    guard (2.13.0)
      formatador (>= 0.2.4)
      listen (>= 2.7, <= 4.0)
      lumberjack (~> 1.0)
      nenv (~> 0.1)
      notiffany (~> 0.0)
      pry (>= 0.9.12)
      shellany (~> 0.0)
      thor (>= 0.18.1)
    guard-compat (1.2.1)
    guard-rspec (4.6.4)
      guard (~> 2.1)
      guard-compat (~> 1.1)
      rspec (>= 2.99.0, < 4.0)
    hashie (3.4.3)
    htmlentities (4.3.4)
    i18n (0.7.0)
    jmespath (1.1.3)
    json (1.8.3)
    json-schema (2.5.2)
      addressable (~> 2.3.8)
    jsonpath (0.5.8)
      multi_json
    listen (3.0.5)
      rb-fsevent (>= 0.9.3)
      rb-inotify (>= 0.9)
    lumberjack (1.0.9)
    method_source (0.8.2)
    mini_portile2 (2.0.0)
    multi_json (1.11.2)
    multipart-post (2.0.0)
    mustache (0.99.8)
    nenv (0.2.0)
    nokogiri (1.6.7.1)
      mini_portile2 (~> 2.0.0.rc2)
    nokogiri (1.6.7.1-java)
    notiffany (0.0.8)
      nenv (~> 0.1)
      shellany (~> 0.0)
    peach (0.5.1)
    pry (0.10.3)
      coderay (~> 1.1.0)
      method_source (~> 0.8.1)
      slop (~> 3.4)
    pry (0.10.3-java)
      coderay (~> 1.1.0)
      method_source (~> 0.8.1)
      slop (~> 3.4)
      spoon (~> 0.0)
    pry-nav (0.2.4)
      pry (>= 0.9.10, < 0.11.0)
    pry-remote (0.1.8)
      pry (~> 0.9)
      slop (~> 3.0)
    rack (1.6.4)
    rack-protection (1.5.3)
      rack
    rack-test (0.6.3)
      rack (>= 1.0)
    rake (10.4.2)
    rb-fsevent (0.9.6)
    rb-inotify (0.9.5)
      ffi (>= 0.5.0)
    rspec (3.4.0)
      rspec-core (~> 3.4.0)
      rspec-expectations (~> 3.4.0)
      rspec-mocks (~> 3.4.0)
    rspec-core (3.4.1)
      rspec-support (~> 3.4.0)
    rspec-expectations (3.4.0)
      diff-lcs (>= 1.2.0, < 2.0)
      rspec-support (~> 3.4.0)
    rspec-mocks (3.4.0)
      diff-lcs (>= 1.2.0, < 2.0)
      rspec-support (~> 3.4.0)
    rspec-nc (0.2.1)
      rspec (>= 2.9)
      terminal-notifier (>= 1.4)
    rspec-support (3.4.1)
    shellany (0.0.1)
    sinatra (1.4.6)
      rack (~> 1.4)
      rack-protection (~> 1.4)
      tilt (>= 1.3, < 3)
    sinatra-contrib (1.4.6)
      backports (>= 2.0)
      multi_json
      rack-protection
      rack-test
      sinatra (~> 1.4.0)
      tilt (>= 1.3, < 3)
    sinatra-reloader (1.0)
      sinatra-contrib
    slop (3.6.0)
    spoon (0.0.4)
      ffi
    spurious (0.4.3)
      eventmachine
      spurious-server
      thor
      timeout (= 0.0.0)
    spurious-ruby-awssdk-helper (0.2.4)
      aws-sdk (~> 1)
    spurious-server (0.6.3)
      docker-api
      em-synchrony
      eventmachine
      peach
      spoon
      thor
    terminal-notifier (1.6.3)
    thor (0.19.1)
    tilt (2.0.1)
    timeout (0.0.0)
    trollop (2.1.2)

PLATFORMS
  java
  ruby

DEPENDENCIES
  alephant-harness
  alephant-logger (= 1.2.0)
  alephant-preview!
  alephant-publisher-queue
  aws-sdk
  bbc-cosmos-config
  dim
  dotenv
  faraday
  guard
  guard-rspec
  htmlentities
  json
  json-schema
  nokogiri
  pry
  pry-nav
  pry-remote
  rack-test
  rake
  rspec
  rspec-nc
  spoon
  spurious
  spurious-ruby-awssdk-helper

BUNDLED WITH
   1.11.2
